GIT
  remote: git://github.com/aar0nTw/lita-cwb.git
  revision: 458e147f6644157b1f12f237bfdea502ddbac96e
  branch: master
  specs:
    lita-cwb (0.1.3)
      lita (>= 4.3)
      nokogiri (~> 1.6.6.2)

GEM
  remote: https://rubygems.org/
  specs:
    eventmachine (1.2.1)
    faraday (0.10.0)
      multipart-post (>= 1.2, < 3)
    http_router (0.11.2)
      rack (>= 1.0.0)
      url_mount (~> 0.2.1)
    i18n (0.7.0)
    ice_nine (0.11.2)
    line-bot-api (1.0.0)
    lita (4.7.1)
      bundler (>= 1.3)
      faraday (>= 0.8.7)
      http_router (>= 0.11.2)
      i18n (>= 0.6.9)
      ice_nine (>= 0.11.0)
      multi_json (>= 1.7.7)
      puma (>= 2.7.1)
      rack (>= 1.5.2, < 2.0.0)
      rb-readline (>= 0.5.1)
      redis-namespace (>= 1.3.0)
      thor (>= 0.18.1)
    lita-diceman (1.0.0)
      lita (>= 4.3)
    lita-google-images (3.1.0)
      lita (>= 4.0)
    lita-howlongtobeat (0.3.0)
      lita (>= 4.6)
      nokogiri (>= 1.6.6)
    lita-karma (3.0.2)
      lita (>= 4.0)
    lita-line (0.5.2)
      eventmachine
      line-bot-api (~> 1.0.0)
      lita (>= 4.7)
    lita-lunch (0.2.0)
      lita (>= 4.4)
    mini_portile (0.6.2)
    multi_json (1.12.1)
    multipart-post (2.0.0)
    nokogiri (1.6.6.4)
      mini_portile (~> 0.6.0)
    puma (3.6.0)
    rack (1.6.5)
    rb-readline (0.5.3)
    redis (3.3.2)
    redis-namespace (1.5.2)
      redis (~> 3.0, >= 3.0.4)
    thor (0.19.1)
    url_mount (0.2.1)
      rack

PLATFORMS
  ruby

DEPENDENCIES
  lita
  lita-cwb!
  lita-diceman
  lita-google-images
  lita-howlongtobeat
  lita-karma
  lita-line (>= 0.5.0)
  lita-lunch

BUNDLED WITH
   1.13.6
